PATH
  remote: .
  specs:
    net_mate (1.0.0)
      activesupport
      erubis
      mysql2
      rack

GEM
  remote: http://www.rubygems.org/
  specs:
    activesupport (4.0.2)
      i18n (~> 0.6, >= 0.6.4)
      minitest (~> 4.2)
      multi_json (~> 1.3)
      thread_safe (~> 0.1)
      tzinfo (~> 0.3.37)
    atomic (1.1.14)
    erubis (2.7.0)
    i18n (0.6.9)
    minitest (4.7.5)
    multi_json (1.8.4)
    mysql2 (0.3.15)
    rack (1.5.2)
    thread_safe (0.1.3)
      atomic
    tzinfo (0.3.38)

PLATFORMS
  ruby

DEPENDENCIES
  net_mate!
